GEM
  remote: https://rubygems.org/
  specs:
    bson (2.3.0)
    curses (1.0.1)
    daemons (1.2.3)
    eventmachine (1.0.6)
    fast-stemmer (1.0.2)
    ffi (1.9.6)
    hitimes (1.2.2)
    hitimes (1.2.2-x86-mingw32)
    json (1.8.2)
    kgio (2.9.3)
    mini_portile (0.6.2)
    mysql2 (0.3.18)
    mysql2 (0.3.18-x86-mingw32)
    nokogiri (1.6.6.2)
      mini_portile (~> 0.6.0)
    oj (2.14.0)
    pg (0.18.2)
    pg (0.18.2-x86-mingw32)
    puma (2.11.2)
      rack (>= 1.1, < 2.0)
    rack (1.6.4)
    raindrops (0.13.0)
    redcarpet (3.2.3)
    snappy (0.0.11)
    thin (1.6.3)
      daemons (~> 1.0, >= 1.0.9)
      eventmachine (~> 1.0)
      rack (~> 1.0)
    unicorn (4.9.0)
      kgio (~> 2.6)
      rack
      raindrops (~> 0.7)

PLATFORMS
  ruby
  x86-mingw32

DEPENDENCIES
  bson (= 2.3.0)
  curses
  eventmachine (= 1.0.6)
  fast-stemmer
  ffi (= 1.9.6)
  hitimes
  json (= 1.8.2)
  kgio
  mysql2
  nokogiri (= 1.6.6.2)
  oj (= 2.14.0)
  pg
  puma
  raindrops
  redcarpet
  snappy
  thin (= 1.6.3)
  unicorn
