GEM
  remote: https://rubygems.org/
  specs:
    unf_ext (0.0.7.1)

PLATFORMS
  ruby
  x86-mingw32

DEPENDENCIES
  unf_ext (= 0.0.7.1)
